GIT
  remote: https://github.com/opal/opal-rspec.git
  revision: f3b28c3df1e0159a5f4ad9363ef17789ca26ba63
  ref: f3b28c3
  submodules: true
  specs:
    opal-rspec (0.7.0.dev)
      opal (>= 0.10.0, < 0.12)
      opal-sprockets

GIT
  remote: https://github.com/opal/opal.git
  revision: fcc3f7800c701308c5ab9dae8a0720561453878e
  ref: fcc3f78
  specs:
    opal (0.11.1.dev)
      ast (>= 2.3.0)
      hike (~> 1.2)
      parser (= 2.5.1.0)
      sourcemap (~> 0.1.0)

PATH
  remote: .
  specs:
    iqeo-pitch (0.1.0)

GEM
  remote: https://rubygems.org/
  specs:
    ast (2.4.0)
    byebug (9.1.0)
    coderay (1.1.2)
    concurrent-ruby (1.0.5)
    diff-lcs (1.3)
    hike (1.2.3)
    libv8 (3.16.14.19)
    method_source (0.9.0)
    opal-sprockets (0.4.1.0.11.0.3.1)
      opal (~> 0.11.0)
      sprockets (~> 3.1)
      tilt (>= 1.4)
    parser (2.5.1.0)
      ast (~> 2.4.0)
    pry (0.11.3)
      coderay (~> 1.1.0)
      method_source (~> 0.9.0)
    pry-byebug (3.5.1)
      byebug (~> 9.1)
      pry (~> 0.10)
    rack (2.0.4)
    rake (10.5.0)
    ref (2.0.0)
    rspec (3.7.0)
      rspec-core (~> 3.7.0)
      rspec-expectations (~> 3.7.0)
      rspec-mocks (~> 3.7.0)
    rspec-core (3.7.0)
      rspec-support (~> 3.7.0)
    rspec-expectations (3.7.0)
      diff-lcs (>= 1.2.0, < 2.0)
      rspec-support (~> 3.7.0)
    rspec-mocks (3.7.0)
      diff-lcs (>= 1.2.0, < 2.0)
      rspec-support (~> 3.7.0)
    rspec-support (3.7.0)
    sourcemap (0.1.1)
    sprockets (3.7.1)
      concurrent-ruby (~> 1.0)
      rack (> 1, < 3)
    therubyracer (0.12.3)
      libv8 (~> 3.16.14.15)
      ref
    tilt (2.0.8)

PLATFORMS
  ruby

DEPENDENCIES
  bundler (~> 1.16)
  iqeo-pitch!
  opal!
  opal-rspec!
  opal-sprockets
  pry-byebug
  rake (~> 10.0)
  rspec (~> 3.0)
  therubyracer

BUNDLED WITH
   1.16.0
